GIT
  remote: git://github.com/malesch/pagify.git
  revision: 74a0def95c56988241084356a9eb6097799a464b
  specs:
    pagify (0.0.1)

GIT
  remote: git://github.com/mconf/attachment_fu.git
  revision: 746363b1b7ffc20602a6827d1d8fb65259e2cf29
  specs:
    attachment_fu (1.0.3)
      aws-s3

GEM
  remote: http://rubygems.org/
  specs:
    RedCloth (4.2.9)
    actionmailer (2.3.14)
      actionpack (= 2.3.14)
    actionpack (2.3.14)
      activesupport (= 2.3.14)
      rack (~> 1.1.0)
    activerecord (2.3.14)
      activesupport (= 2.3.14)
    activeresource (2.3.14)
      activesupport (= 2.3.14)
    activesupport (2.3.14)
    acts_as_list (0.1.5)
    acts_as_tree (0.1.1)
    aws-s3 (0.6.2)
      builder
      mime-types
      xml-simple
    builder (3.0.0)
    daemon_controller (1.0.0)
    fastthread (1.0.7)
    ffi (0.6.3)
      rake (>= 0.8.7)
    hpricot (0.8.2)
    imagesize (0.1.1)
    mime-types (1.18)
    mysql (2.8.1)
    passenger (3.0.11)
      daemon_controller (>= 0.2.5)
      fastthread (>= 1.0.1)
      rack
      rake (>= 0.8.1)
    rack (1.1.3)
    rails (2.3.14)
      actionmailer (= 2.3.14)
      actionpack (= 2.3.14)
      activerecord (= 2.3.14)
      activeresource (= 2.3.14)
      activesupport (= 2.3.14)
      rake (>= 0.8.3)
    rake (0.9.2.2)
    rmagick (2.13.1)
    will_paginate (2.3.14)
    xml-simple (1.1.1)
    yaml_db (0.2.2)

PLATFORMS
  ruby

DEPENDENCIES
  RedCloth
  acts_as_list
  acts_as_tree
  attachment_fu!
  fastthread (= 1.0.7)
  ffi (= 0.6.3)
  hpricot (= 0.8.2)
  imagesize (= 0.1.1)
  mysql
  pagify!
  passenger
  rails (~> 2.3.6)
  rake
  rmagick
  will_paginate (= 2.3.14)
  yaml_db
